GIT
  remote: git://github.com/tablatom/hobo.git
  revision: c5051425fff26aa68c71967e8e84ec0bd59890bd
  branch: rails3
  specs:
    dryml (1.3.0.RC)
      actionpack (>= 3.0.0)
      hobo_support (= 1.3.0.RC)
    hobo (1.3.0.RC)
      dryml (= 1.3.0.RC)
      hobo_fields (= 1.3.0.RC)
      hobo_support (= 1.3.0.RC)
      rails (>= 3.0.0)
      will_paginate (>= 3.0.pre)
    hobo_fields (1.3.0.RC)
      hobo_support (= 1.3.0.RC)
      rails (>= 3.0.0)
    hobo_support (1.3.0.RC)
      rails (>= 3.0.0)

GEM
  remote: http://rubygems.org/
  specs:
    abstract (1.0.0)
    actionmailer (3.0.4)
      actionpack (= 3.0.4)
      mail (~> 2.2.15)
    actionpack (3.0.4)
      activemodel (= 3.0.4)
      activesupport (= 3.0.4)
      builder (~> 2.1.2)
      erubis (~> 2.6.6)
      i18n (~> 0.4)
      rack (~> 1.2.1)
      rack-mount (~> 0.6.13)
      rack-test (~> 0.5.7)
      tzinfo (~> 0.3.23)
    activemodel (3.0.4)
      activesupport (= 3.0.4)
      builder (~> 2.1.2)
      i18n (~> 0.4)
    activerecord (3.0.4)
      activemodel (= 3.0.4)
      activesupport (= 3.0.4)
      arel (~> 2.0.2)
      tzinfo (~> 0.3.23)
    activeresource (3.0.4)
      activemodel (= 3.0.4)
      activesupport (= 3.0.4)
    activesupport (3.0.4)
    addressable (2.2.5)
    archive-tar-minitar (0.5.2)
    arel (2.0.9)
    builder (2.1.2)
    columnize (0.3.2)
    erubis (2.6.6)
      abstract (>= 1.0.0)
    factory_girl (1.3.3)
    faraday (0.6.1)
      addressable (~> 2.2.4)
      multipart-post (~> 1.1.0)
      rack (>= 1.1.0, < 2)
    i18n (0.5.0)
    linecache19 (0.5.12)
      ruby_core_source (>= 0.1.4)
    mail (2.2.15)
      activesupport (>= 2.3.6)
      i18n (>= 0.4.0)
      mime-types (~> 1.16)
      treetop (~> 1.4.8)
    mime-types (1.16)
    multi_json (0.0.5)
    multipart-post (1.1.0)
    net-ldap (0.1.1)
    nokogiri (1.4.4)
    oa-basic (0.2.1)
      multi_json (~> 0.0.2)
      nokogiri (~> 1.4.2)
      oa-core (= 0.2.1)
      rest-client (~> 1.6.0)
    oa-core (0.2.1)
      rack (~> 1.1)
    oa-enterprise (0.2.1)
      net-ldap (~> 0.1.1)
      nokogiri (~> 1.4.2)
      oa-core (= 0.2.1)
      pyu-ruby-sasl (~> 0.0.3.1)
      rubyntlm (~> 0.1.1)
    oa-more (0.2.1)
      multi_json (~> 0.0.2)
      oa-core (= 0.2.1)
      rest-client (~> 1.6.0)
    oa-oauth (0.2.1)
      multi_json (~> 0.0.2)
      nokogiri (~> 1.4.2)
      oa-core (= 0.2.1)
      oauth (~> 0.4.0)
      oauth2 (~> 0.2.0)
    oa-openid (0.2.1)
      oa-core (= 0.2.1)
      rack-openid (~> 1.2.0)
      ruby-openid-apps-discovery
    oauth (0.4.4)
    oauth2 (0.2.0)
      faraday (~> 0.6.0)
      multi_json (~> 0.0.4)
    omniauth (0.2.1)
      oa-basic (= 0.2.1)
      oa-core (= 0.2.1)
      oa-enterprise (= 0.2.1)
      oa-more (= 0.2.1)
      oa-oauth (= 0.2.1)
      oa-openid (= 0.2.1)
    polyglot (0.3.1)
    pyu-ruby-sasl (0.0.3.2)
    rack (1.2.2)
    rack-mount (0.6.14)
      rack (>= 1.0.0)
    rack-openid (1.2.0)
      rack (>= 1.1.0)
      ruby-openid (>= 2.1.8)
    rack-test (0.5.7)
      rack (>= 1.0)
    rails (3.0.4)
      actionmailer (= 3.0.4)
      actionpack (= 3.0.4)
      activerecord (= 3.0.4)
      activeresource (= 3.0.4)
      activesupport (= 3.0.4)
      bundler (~> 1.0)
      railties (= 3.0.4)
    railties (3.0.4)
      actionpack (= 3.0.4)
      activesupport (= 3.0.4)
      rake (>= 0.8.7)
      thor (~> 0.14.4)
    rake (0.8.7)
    rest-client (1.6.1)
      mime-types (>= 1.16)
    ruby-debug-base19 (0.11.25)
      columnize (>= 0.3.1)
      linecache19 (>= 0.5.11)
      ruby_core_source (>= 0.1.4)
    ruby-debug19 (0.11.6)
      columnize (>= 0.3.1)
      linecache19 (>= 0.5.11)
      ruby-debug-base19 (>= 0.11.19)
    ruby-openid (2.1.8)
    ruby-openid-apps-discovery (1.2.0)
      ruby-openid (>= 2.1.7)
    ruby_core_source (0.1.5)
      archive-tar-minitar (>= 0.5.2)
    rubyntlm (0.1.1)
    shoulda (2.11.3)
    sqlite3 (1.3.3)
    thor (0.14.6)
    treetop (1.4.9)
      polyglot (>= 0.3.1)
    tzinfo (0.3.26)
    will_paginate (3.0.pre2)

PLATFORMS
  ruby

DEPENDENCIES
  factory_girl
  hobo!
  omniauth
  rails (= 3.0.4)
  ruby-debug19
  shoulda
  sqlite3
